REDIRECTS: ON
RESTRICTION: == netstandard2.0
NUGET
  remote: https://api.nuget.org/v3/index.json
    FSharp.Core (4.3.3)
    Gjallarhorn.Bindable.XamarinForms_mtnrbq (2.0.0-alpha)
      FSharp.Core (>= 4.3.3)
      Gjallarhorn.Bindable_mtnrbq (>= 2.0.0-alpha)
      Xamarin.Forms (>= 2.5.0.122203)
    Gjallarhorn.Bindable_mtnrbq (2.0.0-alpha)
      FSharp.Core (>= 4.3.3)
    Gjallarhorn_mtnrbq (2.0.0-alpha)
      FSharp.Core (>= 4.3.3)
    Xamarin.Android.Support.Design (26.1.0.1)
    Xamarin.Android.Support.v4 (26.1.0.1)
    Xamarin.Android.Support.v7.AppCompat (26.1.0.1)
    Xamarin.Android.Support.v7.CardView (26.1.0.1)
    Xamarin.Android.Support.v7.MediaRouter (26.1.0.1)
    Xamarin.Forms (2.5.0.122203)
